GEM
  remote: https://rubygems.org/
  specs:
    csl (1.4.3)
      namae (~> 0.7)
    diff-lcs (1.2.5)
    fuubar (2.0.0)
      rspec (~> 3.0)
      ruby-progressbar (~> 1.4)
    mini_portile2 (2.4.0)
    namae (0.10.1)
    nokogiri (1.10.8)
      mini_portile2 (~> 2.4.0)
    nokogiri (1.10.8-x64-mingw32)
      mini_portile2 (~> 2.4.0)
    nokogiri (1.10.8-x86-mingw32)
      mini_portile2 (~> 2.4.0)
    rake (11.1.2)
    rspec (3.4.0)
      rspec-core (~> 3.4.0)
      rspec-expectations (~> 3.4.0)
      rspec-mocks (~> 3.4.0)
    rspec-core (3.4.4)
      rspec-support (~> 3.4.0)
    rspec-expectations (3.4.0)
      diff-lcs (>= 1.2.0, < 2.0)
      rspec-support (~> 3.4.0)
    rspec-mocks (3.4.1)
      diff-lcs (>= 1.2.0, < 2.0)
      rspec-support (~> 3.4.0)
    rspec-support (3.4.1)
    ruby-progressbar (1.7.5)

PLATFORMS
  ruby
  x64-mingw32
  x86-mingw32

DEPENDENCIES
  csl (~> 1.1)
  fuubar
  nokogiri
  rake
  rspec

BUNDLED WITH
   1.11.2
